GEM
  remote: https://rubygems.org/
  specs:
    bigdecimal (3.1.4)
    csv (3.2.8)
    fileutils (1.7.0)
    httparty (0.23.2)
      csv
      mini_mime (>= 1.0.0)
      multi_xml (>= 0.5.2)
    json (2.6.3)
    mini_mime (1.1.5)
    mini_portile2 (2.8.2)
    multi_xml (0.7.1)
      bigdecimal (~> 3.1)
    nokogiri (1.15.5)
      mini_portile2 (~> 2.8.2)
      racc (~> 1.4)
    racc (1.7.3)

PLATFORMS
  x86_64-linux

DEPENDENCIES
  fileutils
  httparty
  json
  nokogiri

BUNDLED WITH
   2.3.27
