GEM
  remote: https://rubygems.org/
  specs:
    mini_portile2 (2.8.4)
    nokogiri (1.16.2)
      mini_portile2 (~> 2.8.2)

PLATFORMS
  ruby

DEPENDENCIES
  nokogiri (~> 1.16)

BUNDLED WITH
   2.4.22
